PATH
  remote: .
  specs:
    active_merchant_ogone (1.0.0)
      activemerchant (>= 1.4.2)

GEM
  remote: https://rubygems.org/
  specs:
    actionpack (3.2.12)
      activemodel (= 3.2.12)
      activesupport (= 3.2.12)
      builder (~> 3.0.0)
      erubis (~> 2.7.0)
      journey (~> 1.0.4)
      rack (~> 1.4.5)
      rack-cache (~> 1.2)
      rack-test (~> 0.6.1)
      sprockets (~> 2.2.1)
    active_utils (1.0.5)
      activesupport (>= 2.3.11)
      i18n
    activemerchant (1.31.1)
      active_utils (>= 1.0.2)
      activesupport (>= 2.3.14)
      builder (>= 2.0.0)
      i18n
      json (>= 1.5.1)
      money
      nokogiri
    activemodel (3.2.12)
      activesupport (= 3.2.12)
      builder (~> 3.0.0)
    activesupport (3.2.12)
      i18n (~> 0.6)
      multi_json (~> 1.0)
    builder (3.0.4)
    erubis (2.7.0)
    hike (1.2.1)
    i18n (0.6.4)
    journey (1.0.4)
    json (1.7.7)
    money (5.1.1)
      i18n (~> 0.6.0)
    multi_json (1.6.1)
    nokogiri (1.5.6)
    rack (1.4.5)
    rack-cache (1.2)
      rack (>= 0.4)
    rack-test (0.6.2)
      rack (>= 1.0)
    rake (10.0.3)
    sprockets (2.2.2)
      hike (~> 1.2)
      multi_json (~> 1.0)
      rack (~> 1.0)
      tilt (~> 1.1, != 1.3.0)
    tilt (1.3.4)

PLATFORMS
  ruby

DEPENDENCIES
  actionpack (>= 3.2.12)
  active_merchant_ogone!
  rake
